GEM
  remote: http://rubygems.org/
  specs:
    builder (2.1.2)
    crack (0.1.6)
    hpricot (0.8.2)
    httparty (0.5.2)
      crack (= 0.1.6)
    hudson (0.2.7)
      builder (~> 2.1.2)
      hpricot
      httparty (~> 0.5.2)
      term-ansicolor (>= 1.0.4)
      thor (= 0.13.6)
      yajl-ruby (>= 0.7.6)
    term-ansicolor (1.0.5)
    thor (0.13.6)
    yajl-ruby (0.7.8)

PLATFORMS
  ruby

DEPENDENCIES
  hudson
